GIT
  remote: https://github.com/useruby/bootstrap_flash_messages.git
  revision: 373e124b666b7b22be98e52a7ed384d5854c1d48
  specs:
    bootstrap_flash_messages (1.0.0)

GEM
  remote: https://rubygems.org/
  remote: https://rails-assets.org/
  specs:
    actionmailer (4.2.7.1)
      actionpack (= 4.2.7.1)
      actionview (= 4.2.7.1)
      activejob (= 4.2.7.1)
      mail (~> 2.5, >= 2.5.4)
      rails-dom-testing (~> 1.0, >= 1.0.5)
    actionpack (4.2.7.1)
      actionview (= 4.2.7.1)
      activesupport (= 4.2.7.1)
      rack (~> 1.6)
      rack-test (~> 0.6.2)
      rails-dom-testing (~> 1.0, >= 1.0.5)
      rails-html-sanitizer (~> 1.0, >= 1.0.2)
    actionview (4.2.7.1)
      activesupport (= 4.2.7.1)
      builder (~> 3.1)
      erubis (~> 2.7.0)
      rails-dom-testing (~> 1.0, >= 1.0.5)
      rails-html-sanitizer (~> 1.0, >= 1.0.2)
    activejob (4.2.7.1)
      activesupport (= 4.2.7.1)
      globalid (>= 0.3.0)
    activemodel (4.2.7.1)
      activesupport (= 4.2.7.1)
      builder (~> 3.1)
    activerecord (4.2.7.1)
      activemodel (= 4.2.7.1)
      activesupport (= 4.2.7.1)
      arel (~> 6.0)
    activesupport (4.2.7.1)
      i18n (~> 0.7)
      json (~> 1.7, >= 1.7.7)
      minitest (~> 5.1)
      thread_safe (~> 0.3, >= 0.3.4)
      tzinfo (~> 1.1)
    acts_as_tree (2.9.1)
      activerecord (>= 3.0.0)
    arel (6.0.4)
    bcrypt (3.1.16)
    binding_of_caller (1.0.0)
      debug_inspector (>= 0.0.1)
    bootstrap-wysihtml5-rails (0.3.3.8)
      railties (>= 3.0)
    breadcrumbs_on_rails (3.0.1)
    builder (3.2.4)
    byebug (11.0.1)
    cancancan (1.17.0)
    celluloid (0.16.0)
      timers (~> 4.0.0)
    climate_control (0.2.0)
    cocaine (0.5.8)
      climate_control (>= 0.0.3, < 1.0)
    cocoon (1.2.15)
    coffee-rails (4.1.1)
      coffee-script (>= 2.2.0)
      railties (>= 4.0.0, < 5.1.x)
    coffee-script (2.4.1)
      coffee-script-source
      execjs
    coffee-script-source (1.12.2)
    concurrent-ruby (1.1.9)
    connection_pool (2.2.5)
    crass (1.0.6)
    debug_inspector (1.1.0)
    default_value_for (3.0.5)
      activerecord (>= 3.2.0, < 5.2)
    devise (4.8.0)
      bcrypt (~> 3.0)
      orm_adapter (~> 0.1)
      railties (>= 4.1.0)
      responders
      warden (~> 1.2.3)
    devise_invitable (1.7.5)
      actionmailer (>= 4.1.0)
      devise (>= 4.0.0)
    draper (1.4.0)
      actionpack (>= 3.0)
      activemodel (>= 3.0)
      activesupport (>= 3.0)
      request_store (~> 1.0)
    elasticsearch (7.5.0)
      elasticsearch-api (= 7.5.0)
      elasticsearch-transport (= 7.5.0)
    elasticsearch-api (7.5.0)
      multi_json
    elasticsearch-transport (7.5.0)
      faraday (>= 0.14, < 1)
      multi_json
    erubis (2.7.0)
    execjs (2.8.1)
    faraday (0.17.4)
      multipart-post (>= 1.2, < 3)
    ffi (1.15.4)
    font-awesome-rails (4.7.0.0)
      railties (>= 3.2, < 5.1)
    globalid (0.4.2)
      activesupport (>= 4.2.0)
    has_scope (0.6.0)
      actionpack (>= 3.2, < 5)
      activesupport (>= 3.2, < 5)
    hashie (4.1.0)
    hitimes (2.0.0)
    humanize_boolean (0.0.2)
      i18n
    i18n (0.9.5)
      concurrent-ruby (~> 1.0)
    ice_cube (0.11.1)
    iconv (1.0.8)
    inherited_resources (1.6.0)
      actionpack (>= 3.2, < 5)
      has_scope (~> 0.6.0.rc)
      railties (>= 3.2, < 5)
      responders
    jbuilder (2.9.1)
      activesupport (>= 4.2.0)
    jquery-datatables-rails (1.12.2)
      jquery-rails
    jquery-rails (4.4.0)
      rails-dom-testing (>= 1, < 3)
      railties (>= 4.2.0)
      thor (>= 0.14, < 2.0)
    jquery-ui-rails (6.0.1)
      railties (>= 3.2.16)
    json (1.8.6)
    lazyload-rails (0.5.0)
      nokogiri (~> 1.5)
    loofah (2.12.0)
      crass (~> 1.0.2)
      nokogiri (>= 1.5.9)
    mail (2.7.1)
      mini_mime (>= 0.1.1)
    mime-types (3.3.1)
      mime-types-data (~> 3.2015)
    mime-types-data (3.2021.0901)
    mimemagic (0.3.10)
      nokogiri (~> 1)
      rake
    mini_mime (1.1.1)
    mini_portile2 (2.8.0)
    minitest (5.14.4)
    multi_json (1.15.0)
    multipart-post (2.1.1)
    nokogiri (1.13.9)
      mini_portile2 (~> 2.8.0)
      racc (~> 1.4)
    orm_adapter (0.5.0)
    paperclip (5.2.1)
      activemodel (>= 4.2.0)
      activesupport (>= 4.2.0)
      cocaine (~> 0.5.5)
      mime-types
      mimemagic (~> 0.3.0)
    paranoia (2.4.3)
      activerecord (>= 4.0, < 6.2)
    pg (0.21.0)
    polyamorous (1.1.0)
      activerecord (>= 3.0)
    racc (1.6.0)
    rack (1.6.13)
    rack-test (0.6.3)
      rack (>= 1.0)
    railroady (1.6.0)
    rails (4.2.7.1)
      actionmailer (= 4.2.7.1)
      actionpack (= 4.2.7.1)
      actionview (= 4.2.7.1)
      activejob (= 4.2.7.1)
      activemodel (= 4.2.7.1)
      activerecord (= 4.2.7.1)
      activesupport (= 4.2.7.1)
      bundler (>= 1.3.0, < 2.0)
      railties (= 4.2.7.1)
      sprockets-rails
    rails-assets-adminlte (2.3.11)
    rails-assets-bootstrap (3.3.6)
      rails-assets-jquery (>= 1.9.1, < 3)
    rails-assets-bootstrap-datepicker (1.9.0)
      rails-assets-jquery (>= 1.7.1, < 4.0.0)
    rails-assets-bootstrap-switch (3.3.4)
      rails-assets-bootstrap (>= 2.3.2)
      rails-assets-jquery (~> 1.9.0)
    rails-assets-es6-promise (4.2.4)
    rails-assets-jQuery-Mask-Plugin (1.14.16)
    rails-assets-jquery (1.9.1)
    rails-assets-jquery.slimscroll (1.3.6)
      rails-assets-jquery (>= 1.7)
    rails-assets-momentjs (2.22.2)
    rails-assets-notifyjs (0.4.2)
    rails-assets-sweetalert2 (5.2.1)
      rails-assets-es6-promise
    rails-assets-toastr (2.1.3)
      rails-assets-jquery (>= 1.6.3, < 3)
    rails-deprecated_sanitizer (1.0.4)
      activesupport (>= 4.2.0.alpha)
    rails-dom-testing (1.0.9)
      activesupport (>= 4.2.0, < 5.0)
      nokogiri (~> 1.6)
      rails-deprecated_sanitizer (>= 1.0.1)
    rails-html-sanitizer (1.4.2)
      loofah (~> 2.3)
    railties (4.2.7.1)
      actionpack (= 4.2.7.1)
      activesupport (= 4.2.7.1)
      rake (>= 0.8.7)
      thor (>= 0.18.1, < 2.0)
    rake (13.0.6)
    rb-fsevent (0.11.0)
    rb-inotify (0.10.1)
      ffi (~> 1.0)
    rdoc (4.3.0)
    redis (3.3.5)
    redis-namespace (1.6.0)
      redis (>= 3.0.4)
    request_store (1.5.0)
      rack (>= 1.4)
    responders (2.4.1)
      actionpack (>= 4.2.0, < 6.0)
      railties (>= 4.2.0, < 6.0)
    sass (3.7.4)
      sass-listen (~> 4.0.0)
    sass-listen (4.0.0)
      rb-fsevent (~> 0.9, >= 0.9.4)
      rb-inotify (~> 0.9, >= 0.9.7)
    sass-rails (5.0.7)
      railties (>= 4.0.0, < 6)
      sass (~> 3.1)
      sprockets (>= 2.8, < 4.0)
      sprockets-rails (>= 2.0, < 4.0)
      tilt (>= 1.1, < 3)
    sdoc (0.4.2)
      json (~> 1.7, >= 1.7.7)
      rdoc (~> 4.0)
    searchkick (3.1.3)
      activemodel (>= 4.2)
      elasticsearch (>= 5)
      hashie
    selectize-rails (0.12.6)
    sidekiq (3.4.2)
      celluloid (~> 0.16.0)
      connection_pool (~> 2.2, >= 2.2.0)
      json (~> 1.0)
      redis (~> 3.2, >= 3.2.1)
      redis-namespace (~> 1.5, >= 1.5.2)
    sidetiq (0.6.3)
      celluloid (>= 0.14.1)
      ice_cube (= 0.11.1)
      sidekiq (>= 3.0.0)
    simple-navigation (4.3.0)
      activesupport (>= 2.3.2)
    simple_form (4.0.0)
      actionpack (> 4)
      activemodel (> 4)
    slim (4.1.0)
      temple (>= 0.7.6, < 0.9)
      tilt (>= 2.0.6, < 2.1)
    spring (2.0.2)
      activesupport (>= 4.2)
    sprockets (3.7.2)
      concurrent-ruby (~> 1.0)
      rack (> 1, < 3)
    sprockets-rails (3.2.2)
      actionpack (>= 4.0)
      activesupport (>= 4.0)
      sprockets (>= 3.0.0)
    squeel (1.2.3)
      activerecord (>= 3.0)
      activesupport (>= 3.0)
      polyamorous (~> 1.1.0)
    temple (0.8.2)
    thor (1.1.0)
    thread_safe (0.3.6)
    tilt (2.0.10)
    timers (4.0.4)
      hitimes
    tzinfo (1.2.9)
      thread_safe (~> 0.1)
    uglifier (4.2.0)
      execjs (>= 0.3.0, < 3)
    validates_cpf_cnpj (0.2.0)
      activemodel (>= 3.0.0)
    warden (1.2.7)
      rack (>= 1.0)
    web-console (2.3.0)
      activemodel (>= 4.0)
      binding_of_caller (>= 0.7.2)
      railties (>= 4.0)
      sprockets-rails (>= 2.0, < 4.0)
    will_paginate (3.1.8)
    will_paginate-bootstrap (1.0.2)
      will_paginate (>= 3.0.3)

PLATFORMS
  ruby

DEPENDENCIES
  acts_as_tree
  bootstrap-wysihtml5-rails
  bootstrap_flash_messages!
  breadcrumbs_on_rails
  byebug
  cancancan (~> 1.10)
  cocoon
  coffee-rails (~> 4.1.0)
  default_value_for (~> 3.0.0)
  devise
  devise_invitable
  draper (~> 1.3)
  font-awesome-rails (= 4.7.0)
  has_scope (~> 0.6.0)
  humanize_boolean
  iconv
  inherited_resources (~> 1.6.0)
  jbuilder (~> 2.0)
  jquery-datatables-rails (= 1.12.2)
  jquery-rails
  jquery-ui-rails
  lazyload-rails
  paperclip (~> 5.2.0)
  paranoia (~> 2.0)
  pg (~> 0.18)
  railroady
  rails (= 4.2.7.1)
  rails-assets-adminlte!
  rails-assets-bootstrap (= 3.3.6)!
  rails-assets-bootstrap-datepicker!
  rails-assets-bootstrap-switch!
  rails-assets-jQuery-Mask-Plugin!
  rails-assets-jquery.slimscroll (= 1.3.6)!
  rails-assets-momentjs!
  rails-assets-notifyjs!
  rails-assets-sweetalert2 (= 5.2.1)!
  rails-assets-toastr!
  responders
  sass-rails (~> 5.0)
  sdoc (~> 0.4.0)
  searchkick
  selectize-rails
  sidekiq (= 3.4.2)
  sidetiq
  simple-navigation
  simple_form
  slim
  spring
  squeel (~> 1.2.3)
  uglifier (>= 1.3.0)
  validates_cpf_cnpj
  web-console (~> 2.0)
  will_paginate (~> 3.1.0)
  will_paginate-bootstrap

BUNDLED WITH
   1.17.3
